GEM
  remote: https://rubygems.org/
  specs:
    dotenv (3.1.4)

PLATFORMS
  ruby
  x86_64-linux

DEPENDENCIES
  dotenv

BUNDLED WITH
   2.5.14
